GEM
  remote: https://rubygems.org/
  specs:
    cinch (2.2.4)

PLATFORMS
  ruby

DEPENDENCIES
  cinch (= 2.2.4)
